GEM
  remote: https://rubygems.org/
  specs:
    memfs (0.5.0)
    thor (0.19.1)

PLATFORMS
  ruby

DEPENDENCIES
  memfs
  thor

BUNDLED WITH
   1.10.6
